GEM
  remote: https://rubygems.org/
  specs:
    chef-api (0.5.0)
      logify (~> 0.1)
      mime-types
    hipchat (1.4.0)
      httparty
    httparty (0.13.3)
      json (~> 1.8)
      multi_xml (>= 0.5.2)
    json (1.8.2)
    logify (0.2.0)
    mime-types (2.4.3)
    multi_xml (0.5.5)
    netrc (0.10.3)
    rest-client (1.7.3)
      mime-types (>= 1.16, < 3.0)
      netrc (~> 0.7)

PLATFORMS
  ruby

DEPENDENCIES
  chef-api
  hipchat
  rest-client
